GEM
  remote: https://rubygems.org/
  specs:
    codacy-coverage (2.2.0)
      simplecov
    cowsay (0.3.0)
    debase (0.2.4.1)
      debase-ruby_core_source (>= 0.10.2)
    debase-ruby_core_source (0.10.9)
    docile (1.3.2)
    json (2.3.0)
    minitest (5.13.0)
    rake (13.0.1)
    ruby-debug-ide (0.7.0)
      rake (>= 0.8.1)
    simplecov (0.17.1)
      docile (~> 1.1)
      json (>= 1.8, < 3)
      simplecov-html (~> 0.10.0)
    simplecov-html (0.10.2)

PLATFORMS
  ruby

DEPENDENCIES
  codacy-coverage
  cowsay (~> 0.3.0)
  debase
  minitest
  ruby-debug-ide
  simplecov

BUNDLED WITH
   2.0.2
